BrainVision Data Exchange Header File Version 1.0
; Data created by the BrainVision Recorder

[Common Infos]
Codepage=UTF-8
DataFile=ET001_SD043.eeg
MarkerFile=ET001_SD043.vmrk
DataFormat=BINARY
; Data orientation: MULTIPLEXED=ch1,pt1, ch2,pt1 ...
DataOrientation=MULTIPLEXED
NumberOfChannels=65
; Sampling interval in microseconds
SamplingInterval=1000

[Binary Infos]
BinaryFormat=IEEE_FLOAT_32

[Channel Infos]
; Each entry: Ch<Channel number>=<Name>,<Reference channel name>,
; <Resolution in "Unit">,<Unit>, Future extensions..
; Fields are delimited by commas, some fields might be omitted (empty).
; Commas in channel names are coded as "\1".
Ch1=Fp1,,0.0488281,µV
Ch2=Fz,,0.0488281,µV
Ch3=F3,,0.0488281,µV
Ch4=F7,,0.0488281,µV
Ch5=FT9,,0.0488281,µV
Ch6=FC5,,0.0488281,µV
Ch7=FC1,,0.0488281,µV
Ch8=C3,,0.0488281,µV
Ch9=T7,,0.0488281,µV
Ch10=TP9,,0.0488281,µV
Ch11=CP5,,0.0488281,µV
Ch12=CP1,,0.0488281,µV
Ch13=Pz,,0.0488281,µV
Ch14=P3,,0.0488281,µV
Ch15=P7,,0.0488281,µV
Ch16=O1,,0.0488281,µV
Ch17=Oz,,0.0488281,µV
Ch18=O2,,0.0488281,µV
Ch19=P4,,0.0488281,µV
Ch20=P8,,0.0488281,µV
Ch21=TP10,,0.0488281,µV
Ch22=CP6,,0.0488281,µV
Ch23=CP2,,0.0488281,µV
Ch24=C4,,0.0488281,µV
Ch25=T8,,0.0488281,µV
Ch26=FT10,,0.0488281,µV
Ch27=FC6,,0.0488281,µV
Ch28=FC2,,0.0488281,µV
Ch29=F4,,0.0488281,µV
Ch30=F8,,0.0488281,µV
Ch31=Fp2,,0.0488281,µV
Ch32=AF7,,0.0488281,µV
Ch33=AF3,,0.0488281,µV
Ch34=AFz,,0.0488281,µV
Ch35=F1,,0.0488281,µV
Ch36=F5,,0.0488281,µV
Ch37=FT7,,0.0488281,µV
Ch38=FC3,,0.0488281,µV
Ch39=FCz,,0.0488281,µV
Ch40=C1,,0.0488281,µV
Ch41=C5,,0.0488281,µV
Ch42=TP7,,0.0488281,µV
Ch43=CP3,,0.0488281,µV
Ch44=P1,,0.0488281,µV
Ch45=P5,,0.0488281,µV
Ch46=PO7,,0.0488281,µV
Ch47=PO3,,0.0488281,µV
Ch48=POz,,0.0488281,µV
Ch49=PO4,,0.0488281,µV
Ch50=PO8,,0.0488281,µV
Ch51=P6,,0.0488281,µV
Ch52=P2,,0.0488281,µV
Ch53=CPz,,0.0488281,µV
Ch54=CP4,,0.0488281,µV
Ch55=TP8,,0.0488281,µV
Ch56=C6,,0.0488281,µV
Ch57=C2,,0.0488281,µV
Ch58=FC4,,0.0488281,µV
Ch59=FT8,,0.0488281,µV
Ch60=F6,,0.0488281,µV
Ch61=F2,,0.0488281,µV
Ch62=AF4,,0.0488281,µV
Ch63=AF8,,0.0488281,µV
Ch64=GSR,,1,C
Ch65=PPG,,1,C

[Comment]

BrainVision Recorder Professional   -   V. 1.25.0101


A m p l i f i e r  S e t u p
============================
Number of channels: 65
Sampling Rate [Hz]: 1000
Sampling Interval [µS]: 1000

Channels
--------
#     Name      Phys. Chn.    Resolution / Unit   Low Cutoff [s]   High Cutoff [Hz]   Notch [Hz]    Gradient         Offset
1     Fp1         1          0.0488281 µV             DC              280              Off
2     Fz          2          0.0488281 µV             DC              280              Off
3     F3          3          0.0488281 µV             DC              280              Off
4     F7          4          0.0488281 µV             DC              280              Off
5     FT9         5          0.0488281 µV             DC              280              Off
6     FC5         6          0.0488281 µV             DC              280              Off
7     FC1         7          0.0488281 µV             DC              280              Off
8     C3          8          0.0488281 µV             DC              280              Off
9     T7          9          0.0488281 µV             DC              280              Off
10    TP9         10         0.0488281 µV             DC              280              Off
11    CP5         11         0.0488281 µV             DC              280              Off
12    CP1         12         0.0488281 µV             DC              280              Off
13    Pz          13         0.0488281 µV             DC              280              Off
14    P3          14         0.0488281 µV             DC              280              Off
15    P7          15         0.0488281 µV             DC              280              Off
16    O1          16         0.0488281 µV             DC              280              Off
17    Oz          17         0.0488281 µV             DC              280              Off
18    O2          18         0.0488281 µV             DC              280              Off
19    P4          19         0.0488281 µV             DC              280              Off
20    P8          20         0.0488281 µV             DC              280              Off
21    TP10        21         0.0488281 µV             DC              280              Off
22    CP6         22         0.0488281 µV             DC              280              Off
23    CP2         23         0.0488281 µV             DC              280              Off
24    C4          25         0.0488281 µV             DC              280              Off
25    T8          26         0.0488281 µV             DC              280              Off
26    FT10        27         0.0488281 µV             DC              280              Off
27    FC6         28         0.0488281 µV             DC              280              Off
28    FC2         29         0.0488281 µV             DC              280              Off
29    F4          30         0.0488281 µV             DC              280              Off
30    F8          31         0.0488281 µV             DC              280              Off
31    Fp2         32         0.0488281 µV             DC              280              Off
32    AF7         33         0.0488281 µV             DC              280              Off
33    AF3         34         0.0488281 µV             DC              280              Off
34    AFz         35         0.0488281 µV             DC              280              Off
35    F1          36         0.0488281 µV             DC              280              Off
36    F5          37         0.0488281 µV             DC              280              Off
37    FT7         38         0.0488281 µV             DC              280              Off
38    FC3         39         0.0488281 µV             DC              280              Off
39    FCz         40         0.0488281 µV             DC              280              Off
40    C1          41         0.0488281 µV             DC              280              Off
41    C5          42         0.0488281 µV             DC              280              Off
42    TP7         43         0.0488281 µV             DC              280              Off
43    CP3         44         0.0488281 µV             DC              280              Off
44    P1          45         0.0488281 µV             DC              280              Off
45    P5          46         0.0488281 µV             DC              280              Off
46    PO7         47         0.0488281 µV             DC              280              Off
47    PO3         48         0.0488281 µV             DC              280              Off
48    POz         49         0.0488281 µV             DC              280              Off
49    PO4         50         0.0488281 µV             DC              280              Off
50    PO8         51         0.0488281 µV             DC              280              Off
51    P6          52         0.0488281 µV             DC              280              Off
52    P2          53         0.0488281 µV             DC              280              Off
53    CPz         54         0.0488281 µV             DC              280              Off
54    CP4         55         0.0488281 µV             DC              280              Off
55    TP8         56         0.0488281 µV             DC              280              Off
56    C6          57         0.0488281 µV             DC              280              Off
57    C2          58         0.0488281 µV             DC              280              Off
58    FC4         59         0.0488281 µV             DC              280              Off
59    FT8         60         0.0488281 µV             DC              280              Off
60    F6          61         0.0488281 µV             DC              280              Off
61    F2          62         0.0488281 µV             DC              280              Off
62    AF4         63         0.0488281 µV             DC              280              Off
63    AF8         64         0.0488281 µV             DC              280              Off
64    GSR         65                 1 C              DC              280              Off           25[mV/C]        0[mV] = 0[C]
65    PPG         66                 1 C              DC              280              Off            1[mV/C]        0[mV] = 0[C]

Reference Channel Name = Cz
Reference Phys. Chn.   = 24
Use active/dry Electrodes = Yes 
Good Level [kOhms]     = 10
Bad Level [kOhms]      = 50
MY-Button Workspace    = C:\Vision\Workfiles\test.MyBtn

Amplifier 
actiCHamp Base Unit (5001) 
  --- S/N 15010362 --- 
actiCHamp 32 CH Module
  --- Module 1 (5010): S/N 12050176 ---
  --- Module 2 (5010): S/N 12110296 ---
Version: DLL_27.18.06.25, DRV_03.04.01.146, CTRL_101.15.05.28, FPGA_67.00.00.00, DSP_105.14.10.07 


S o f t w a r e  F i l t e r s
==============================
Disabled


Data/Gnd Electrodes Selected Impedance Measurement Range: 10 - 50 kOhm
Impedance [kOhm] at 10:58:01 :
Fp1:      not connected
Fz:       not connected
F3:       not connected
F7:       not connected
FT9:      not connected
FC5:      not connected
FC1:      not connected
C3:       not connected
T7:       not connected
TP9:      not connected
CP5:      not connected
CP1:      not connected
Pz:       not connected
P3:       not connected
P7:       not connected
O1:       not connected
Oz:       not connected
O2:       not connected
P4:       not connected
P8:       not connected
TP10:     not connected
CP6:      not connected
CP2:      not connected
Cz:       not connected
C4:       not connected
T8:       not connected
FT10:     not connected
FC6:      not connected
FC2:      not connected
F4:       not connected
F8:       not connected
Fp2:      not connected
AF7:         18
AF3:         22
AFz:          5
F1:          19
F5:           3
FT7:         21
FC3:          7
FCz:         16
C1:          11
C5:          23
TP7:         11
CP3:         41
P1:          23
P5:          32
PO7:         18
PO3:         38
POz:         36
PO4:         37
PO8:         20
P6:           1
P2:          11
CPz:         16
CP4:         24
TP8:         24
C6:          25
C2:           9
FC4:         15
FT8:          4
F6:          16
F2:           2
AF4:          9
AF8:          2
Gnd:         12
